GEM
  remote: https://rubygems.org/
  specs:
    pairing_heap (3.0.1)
    pkg-config (1.5.6)
    rexml (3.2.6)
    rgl (0.6.6)
      pairing_heap (>= 0.3, < 4.0)
      rexml (~> 3.2, >= 3.2.4)
      stream (~> 0.5.3)
    rmagick (5.3.0)
      pkg-config (~> 1.4)
    ruby-graphviz (1.2.5)
      rexml
    stream (0.5.5)

PLATFORMS
  arm64-darwin-22

DEPENDENCIES
  rgl
  rmagick
  ruby-graphviz

BUNDLED WITH
   2.4.10
